GEM
  remote: https://rubygems.org/
  specs:
    aws-sdk (1.63.0)
      aws-sdk-v1 (= 1.63.0)
    aws-sdk-v1 (1.63.0)
      json (~> 1.4)
      nokogiri (>= 1.4.4)
    certified (1.0.0)
    commander (4.2.1)
      highline (~> 1.6.11)
    cupertino (1.3.0)
      certified (>= 0.1.0)
      commander (~> 4.2.0)
      mechanize (~> 2.5.1)
      nokogiri (~> 1.6.3)
      security (~> 0.1.2)
      term-ansicolor (~> 1.0.7)
      terminal-table (~> 1.4.5)
    domain_name (0.5.23)
      unf (>= 0.0.5, < 1.0.0)
    dotenv (0.11.1)
      dotenv-deployment (~> 0.0.2)
    dotenv-deployment (0.0.2)
    faraday (0.8.9)
      multipart-post (~> 1.2.0)
    faraday_middleware (0.9.1)
      faraday (>= 0.7.4, < 0.10)
    highline (1.6.21)
    json (1.8.2)
    mechanize (2.5.1)
      domain_name (~> 0.5, >= 0.5.1)
      mime-types (~> 1.17, >= 1.17.2)
      net-http-digest_auth (~> 1.1, >= 1.1.1)
      net-http-persistent (~> 2.5, >= 2.5.2)
      nokogiri (~> 1.4)
      ntlm-http (~> 0.1, >= 0.1.1)
      webrobots (~> 0.0, >= 0.0.9)
    mime-types (1.25.1)
    mini_portile (0.6.2)
    multipart-post (1.2.0)
    net-http-digest_auth (1.4)
    net-http-persistent (2.9.4)
    net-sftp (2.1.2)
      net-ssh (>= 2.6.5)
    net-ssh (2.9.2)
    nokogiri (1.6.6.2)
      mini_portile (~> 0.6.0)
    ntlm-http (0.1.1)
    plist (3.1.0)
    rubyzip (1.1.7)
    security (0.1.3)
    shenzhen (0.11.2)
      aws-sdk (~> 1.0)
      commander (~> 4.1)
      dotenv (~> 0.7)
      faraday (~> 0.8.9)
      faraday_middleware (~> 0.9)
      json (~> 1.8)
      net-sftp (~> 2.1.2)
      plist (~> 3.1.0)
      rubyzip (~> 1.1)
      security (~> 0.1.3)
      terminal-table (~> 1.4.5)
    term-ansicolor (1.0.7)
    terminal-table (1.4.5)
    unf (0.1.4)
      unf_ext
    unf_ext (0.0.6)
    webrobots (0.1.1)

PLATFORMS
  ruby

DEPENDENCIES
  cupertino
  shenzhen
